GEM
  remote: https://rubygems.org/
  specs:
    net-scp (1.1.2)
      net-ssh (>= 2.6.5)
    net-ssh (2.6.8)
    posix-spawn (0.3.6)
    rake (10.1.0)
    sshkit (0.0.34)
      net-scp
      net-ssh
      term-ansicolor
    term-ansicolor (1.2.2)
      tins (~> 0.8)
    tins (0.8.3)

PLATFORMS
  ruby

DEPENDENCIES
  posix-spawn
  rake
  sshkit
  term-ansicolor
